PATH
  remote: .
  specs:
    slim-server (0.0.1)
      slim (>= 1.2.2)

GEM
  remote: http://rubygems.org/
  specs:
    slim (1.2.2)
      temple (~> 0.4.0)
      tilt (~> 1.3.3)
    temple (0.4.0)
    tilt (1.3.3)

PLATFORMS
  ruby

DEPENDENCIES
  slim-server!
